GEM
  remote: http://rubygems.org/
  specs:
    diff-lcs (1.2.5)
    ffi (1.9.6-x86-mingw32)
    rspec (2.14.1)
      rspec-core (~> 2.14.0)
      rspec-expectations (~> 2.14.0)
      rspec-mocks (~> 2.14.0)
    rspec-core (2.14.8)
    rspec-expectations (2.14.5)
      diff-lcs (>= 1.1.3, < 2.0)
    rspec-mocks (2.14.6)
    win32-process (0.7.4)
      ffi (>= 1.0.0)

PLATFORMS
  x86-mingw32

DEPENDENCIES
  rspec (= 2.14.1)
  win32-process
